GEM
  specs:
    rotp (2.1.1)

PLATFORMS
  ruby

DEPENDENCIES
  rotp
